GIT
  remote: git@github.com:ruby/yaml.git
  revision: b89ff5a79c2abbf81612ffe9a6c184db347365c9
  tag: v0.2.1
  specs:
    yaml (0.2.1)

GIT
  remote: https://gist.github.com/cd-work/bb850193cd4d1eff0d7021c9a3899882.git
  revision: 24b38dc61f9e2ee241e1f5eba4fdba4b5ed1e737
  specs:
    main (0.0.0)

GIT
  remote: https://github.com/ruby/benchmark.git
  revision: 303ac8f28b9aad6abe95c86bc64ea891f77ac93e
  ref: 303ac8f28b9aad6abe95c86bc64ea891f77ac93e
  specs:
    benchmark (0.2.1)

PATH
  remote: /tmp/csv
  specs:
    csv (3.2.7)

GEM
  remote: http://rubygems.org/
  specs:
    diff-lcs (1.5.0)
    rspec (3.11.0)
      rspec-core (~> 3.11.0)
      rspec-expectations (~> 3.11.0)
      rspec-mocks (~> 3.11.0)
    rspec-core (3.11.0-alpha+build3)
      rspec-support (~> 3.11.0)
    rspec-expectations (3.11.1)
      diff-lcs (>= 1.2.0, < 2.0)
      rspec-support
    rspec-mocks (3.11.2)
      diff-lcs (>= 1.2.0, < 2.0, != 1.2.3)
      rspec-support (~> 3.11.0)
    rspec-support (3.11.1)

PLATFORMS
  x86_64-linux

GEM
  remote: https://rubygems.org/
  specs:
    wirble (0.1.3)

DEPENDENCIES
  benchmark!
  csv!
  main!
  rspec (~> 3.11.0)!
  wirble
  yaml!

BUNDLED WITH
   2.3.25
